GEM
  remote: https://rubygems.org/
  specs:
    chronic (0.10.2)
    diff-lcs (1.2.5)
    rspec (2.14.1)
      rspec-core (~> 2.14.0)
      rspec-expectations (~> 2.14.0)
      rspec-mocks (~> 2.14.0)
    rspec-core (2.14.8)
    rspec-expectations (2.14.5)
      diff-lcs (>= 1.1.3, < 2.0)
    rspec-mocks (2.14.6)
    state_machine (1.2.0)
    timecop (0.7.1)

PLATFORMS
  ruby

DEPENDENCIES
  chronic (= 0.10.2)
  rspec (= 2.14.1)
  state_machine (= 1.2.0)
  timecop (= 0.7.1)
